GEM
  remote: https://rubygems.org/
  specs:
    oj (3.7.11)
    ruby-prof (0.17.0)

PLATFORMS
  ruby

DEPENDENCIES
  oj
  ruby-prof

BUNDLED WITH
   1.17.2
