GEM
  remote: https://rubygems.org/
  specs:
    benchmark-ips (2.7.2)
    byebug (11.0.0)
    oj (3.7.11)
    ruby-prof (0.17.0)
    ruby-progressbar (1.10.0)

PLATFORMS
  ruby

DEPENDENCIES
  benchmark-ips
  byebug
  oj
  ruby-prof
  ruby-progressbar

RUBY VERSION
   ruby 2.5.3p105

BUNDLED WITH
   2.0.1
